PATH
  remote: .
  specs:
    times (0.1.0)

GEM
  remote: https://rubygems.org/
  specs:
    daemons (1.2.6)
    diff-lcs (1.3)
    eventmachine (1.2.5)
    mustermann (1.0.2)
    rack (2.0.4)
    rack-protection (2.0.1)
      rack
    rack-test (0.8.2)
      rack (>= 1.0, < 3)
    rake (10.5.0)
    rspec (3.7.0)
      rspec-core (~> 3.7.0)
      rspec-expectations (~> 3.7.0)
      rspec-mocks (~> 3.7.0)
    rspec-core (3.7.1)
      rspec-support (~> 3.7.0)
    rspec-expectations (3.7.0)
      diff-lcs (>= 1.2.0, < 2.0)
      rspec-support (~> 3.7.0)
    rspec-mocks (3.7.0)
      diff-lcs (>= 1.2.0, < 2.0)
      rspec-support (~> 3.7.0)
    rspec-support (3.7.1)
    sinatra (2.0.1)
      mustermann (~> 1.0)
      rack (~> 2.0)
      rack-protection (= 2.0.1)
      tilt (~> 2.0)
    thin (1.7.2)
      daemons (~> 1.0, >= 1.0.9)
      eventmachine (~> 1.0, >= 1.0.4)
      rack (>= 1, < 3)
    tilt (2.0.8)

PLATFORMS
  ruby

DEPENDENCIES
  bundler (~> 1.16)
  rack-test
  rake (~> 10.0)
  rspec (~> 3.0)
  sinatra (~> 2.0.1)
  thin
  times!

BUNDLED WITH
   1.16.1
